PATH
  remote: .
  specs:
    tickeos_b2b (0.1.0)
      faraday
      nokogiri
      nori

GEM
  remote: https://rubygems.org/
  specs:
    diff-lcs (1.3)
    faraday (1.0.1)
      multipart-post (>= 1.2, < 3)
    mini_portile2 (2.4.0)
    multipart-post (2.1.1)
    nokogiri (1.10.10)
      mini_portile2 (~> 2.4.0)
    nori (2.6.0)
    rake (12.3.3)
    rspec (3.9.0)
      rspec-core (~> 3.9.0)
      rspec-expectations (~> 3.9.0)
      rspec-mocks (~> 3.9.0)
    rspec-core (3.9.2)
      rspec-support (~> 3.9.3)
    rspec-expectations (3.9.2)
      diff-lcs (>= 1.2.0, < 2.0)
      rspec-support (~> 3.9.0)
    rspec-mocks (3.9.1)
      diff-lcs (>= 1.2.0, < 2.0)
      rspec-support (~> 3.9.0)
    rspec-support (3.9.3)

PLATFORMS
  ruby

DEPENDENCIES
  rake (~> 12.0)
  rspec (~> 3.0)
  tickeos_b2b!

BUNDLED WITH
   2.1.4
